NUGET
  remote: https://api.nuget.org/v3/index.json
    FSharp.Core (5.0.1)
    Grpc.Tools (2.37)
